GEM
  remote: https://rubygems.org/
  specs:
    activesupport (5.2.3)
      concurrent-ruby (~> 1.0, >= 1.0.2)
      i18n (>= 0.7, < 2)
      minitest (~> 5.1)
      tzinfo (~> 1.1)
    concurrent-ruby (1.1.5)
    daemons (1.2.6)
    eventmachine (1.2.7)
    i18n (1.6.0)
      concurrent-ruby (~> 1.0)
    kgio (2.11.2)
    mini_portile2 (2.3.0)
    minitest (5.11.3)
    mustermann (1.0.2)
    mysql2 (0.5.2)
    nokogiri (1.8.2)
      mini_portile2 (~> 2.3.0)
    rack (2.0.5)
    rack-protection (2.0.3)
      rack
    raindrops (0.19.0)
    sinatra (2.0.3)
      mustermann (~> 1.0)
      rack (~> 2.0)
      rack-protection (= 2.0.3)
      tilt (~> 2.0)
    thin (1.7.2)
      daemons (~> 1.0, >= 1.0.9)
      eventmachine (~> 1.0, >= 1.0.4)
      rack (>= 1, < 3)
    thread_safe (0.3.6)
    tilt (2.0.8)
    tzinfo (1.2.5)
      thread_safe (~> 0.1)
    unf (0.1.4)
      unf_ext
    unf_ext (0.0.7.6)
    unicorn (5.4.1)
      kgio (~> 2.6)
      raindrops (~> 0.7)

PLATFORMS
  ruby

DEPENDENCIES
  activesupport
  mysql2
  nokogiri
  sinatra
  thin
  unf
  unicorn

BUNDLED WITH
   1.16.2
